GIT
  remote: git@github.com:romkey/ruby-homebus.git
  revision: 64d64f26adf2e82d4c8cb7219bdd534f2275f817
  specs:
    homebus (0.3.1)

GIT
  remote: https://github.com/morygonzalez/atmo.git
  revision: 1e5ea71906f2a33a975d8a75cf32e6a4ad9d3d4e
  specs:
    atmo (0.1.3)
      dotenv (~> 2.0)
      faraday (~> 0.9.0)
      json (~> 1.1)

GEM
  remote: https://rubygems.org/
  specs:
    dotenv (2.4.0)
    faraday (0.9.2)
      multipart-post (>= 1.2, < 3)
    json (1.8.6)
    mqtt (0.5.0)
    multipart-post (2.0.0)

PLATFORMS
  ruby

DEPENDENCIES
  atmo!
  dotenv
  homebus!
  mqtt

BUNDLED WITH
   1.16.1
