GIT
  remote: https://github.com/HomeBusProjects/ruby-homebus
  revision: 400534a58fab1b9537002aa9620e9afc77df8f08
  branch: main
  specs:
    homebus (0.40.0)
      paho-mqtt (~> 1.0.12)

PATH
  remote: .
  specs:
    homebus-netatmo (0.2.0)

GEM
  remote: https://rubygems.org/
  specs:
    dotenv (2.8.1)
    easy_enum (0.1.5)
    faraday (1.10.2)
      faraday-em_http (~> 1.0)
      faraday-em_synchrony (~> 1.0)
      faraday-excon (~> 1.1)
      faraday-httpclient (~> 1.0)
      faraday-multipart (~> 1.0)
      faraday-net_http (~> 1.0)
      faraday-net_http_persistent (~> 1.0)
      faraday-patron (~> 1.0)
      faraday-rack (~> 1.0)
      faraday-retry (~> 1.0)
      ruby2_keywords (>= 0.0.4)
    faraday-em_http (1.0.0)
    faraday-em_synchrony (1.0.0)
    faraday-excon (1.1.0)
    faraday-httpclient (1.0.1)
    faraday-multipart (1.0.4)
      multipart-post (~> 2)
    faraday-net_http (1.0.1)
    faraday-net_http_persistent (1.2.0)
    faraday-patron (1.0.0)
    faraday-rack (1.0.0)
    faraday-retry (1.0.3)
    geocoder (1.8.0)
    multipart-post (2.2.3)
    netatmo (0.1.3)
      easy_enum (~> 0.1.4)
      faraday (~> 1.0)
      geocoder (~> 1.6)
      zeitwerk (~> 2.3)
    paho-mqtt (1.0.12)
    ruby2_keywords (0.0.5)
    zeitwerk (2.6.0)

PLATFORMS
  arm64-darwin-21

DEPENDENCIES
  dotenv
  homebus!
  homebus-netatmo!
  netatmo

BUNDLED WITH
   2.3.21
