GIT
  remote: git@github.com:romkey/ruby-homebus.git
  revision: a1a3a6d93b710166ca1e297a18db9e70feaf2861
  specs:
    homebus (0.20.0)
      mqtt (~> 0.5.0)

GEM
  remote: https://rubygems.org/
  specs:
    dotenv (2.7.6)
    easy_enum (0.1.5)
    faraday (1.8.0)
      faraday-em_http (~> 1.0)
      faraday-em_synchrony (~> 1.0)
      faraday-excon (~> 1.1)
      faraday-httpclient (~> 1.0.1)
      faraday-net_http (~> 1.0)
      faraday-net_http_persistent (~> 1.1)
      faraday-patron (~> 1.0)
      faraday-rack (~> 1.0)
      multipart-post (>= 1.2, < 3)
      ruby2_keywords (>= 0.0.4)
    faraday-em_http (1.0.0)
    faraday-em_synchrony (1.0.0)
    faraday-excon (1.1.0)
    faraday-httpclient (1.0.1)
    faraday-net_http (1.0.1)
    faraday-net_http_persistent (1.2.0)
    faraday-patron (1.0.0)
    faraday-rack (1.0.0)
    geocoder (1.7.0)
    mqtt (0.5.0)
    multipart-post (2.1.1)
    netatmo (0.1.3)
      easy_enum (~> 0.1.4)
      faraday (~> 1.0)
      geocoder (~> 1.6)
      zeitwerk (~> 2.3)
    ruby2_keywords (0.0.5)
    zeitwerk (2.5.1)

PLATFORMS
  arm64-darwin-20
  arm64-darwin-21

DEPENDENCIES
  dotenv
  homebus!
  netatmo

BUNDLED WITH
   2.2.31
